GEM
  remote: http://rubygems.org/
  specs:
    albacore (2.8.0)
      map (~> 6.5)
      nokogiri (~> 1.5)
      rake (~> 10)
      semver2 (~> 3.4)
    map (6.6.0)
    mini_portile2 (2.2.0)
    mustermann (1.0.1)
    nokogiri (1.8.0-x64-mingw32)
      mini_portile2 (~> 2.2.0)
    nokogiri (1.8.0-x86-mingw32)
      mini_portile2 (~> 2.2.0)
    rack (2.0.3)
    rack-protection (2.0.0)
      rack
    rake (10.5.0)
    semver2 (3.4.2)
    sinatra (2.0.0)
      mustermann (~> 1.0)
      rack (~> 2.0)
      rack-protection (= 2.0.0)
      tilt (~> 2.0)
    tilt (2.0.8)

PLATFORMS
  x64-mingw32
  x86-mingw32

DEPENDENCIES
  albacore
  rake
  sinatra

BUNDLED WITH
   1.15.4
